GEM
  specs:
    addressable (2.2.7)
    ansi (1.4.2)
    crack (0.3.1)
    httparty (0.8.1)
      multi_json
      multi_xml
    minitest (2.11.2)
    multi_json (1.1.0)
    multi_xml (0.4.1)
    rake (0.9.2.2)
    turn (0.9.3)
      ansi
    vcr (1.11.3)
    webmock (1.8.0)
      addressable (>= 2.2.7)
      crack (>= 0.1.7)

PLATFORMS
  ruby

DEPENDENCIES
  httparty
  minitest
  rake
  turn
  vcr
  webmock
